GEM
  remote: https://rubygems.org/
  specs:
    crack (0.3.2)
    haml (4.0.1)
      tilt
    json (1.7.7)
    mime-types (1.22)
    rack (1.5.2)
    rack-protection (1.5.0)
      rack
    rest-client (1.6.7)
      mime-types (>= 1.16)
    sinatra (1.4.2)
      rack (~> 1.5, >= 1.5.2)
      rack-protection (~> 1.4)
      tilt (~> 1.3, >= 1.3.4)
    tilt (1.3.6)

PLATFORMS
  ruby
  x86-mingw32

DEPENDENCIES
  crack
  haml
  json
  rest-client
  sinatra
